GIT
  remote: git://github.com/AaronH/chronic.git
  revision: 837f2a41f7aa27f22309763be245a90626072ead
  specs:
    aaronh-chronic (0.3.9)

GIT
  remote: git://github.com/bernerdschaefer/database_cleaner.git
  revision: 02098c16d8599df020146e491833fcaa3a390691
  specs:
    database_cleaner (0.6.3)

GIT
  remote: git://github.com/bernerdschaefer/dm-core.git
  revision: ef43282bc84b99537db62639c2f5fc54c58c9f07
  specs:
    dm-core (1.0.2)
      activesupport (~> 3.0.4)
      addressable (~> 2.2)
      i18n (~> 0.5.0)

GIT
  remote: git://github.com/bernerdschaefer/dm-do-adapter.git
  revision: 3f4d6a59f81cd861abef738f3d76c899d71a8d14
  specs:
    dm-do-adapter (1.0.2)
      data_objects (~> 0.10.2)
      dm-core (~> 1.0.2)

GIT
  remote: git://github.com/datamapper/dm-migrations.git
  revision: ab608e816819d90fa7bf6ea1212af37814bc6471
  specs:
    dm-migrations (1.0.2)
      activesupport (~> 3.0.4)
      dm-core (~> 1.0.2)
      i18n (~> 0.5.0)

GIT
  remote: git://github.com/datamapper/dm-types.git
  revision: fd8ad3b2fafc404ca270aac0b87ca2896ebd95b8
  specs:
    dm-types (1.0.2)
      dm-core (~> 1.0.2)
      fastercsv (~> 1.5.3)
      json_pure (~> 1.4)
      stringex (~> 1.1.0)
      uuidtools (~> 2.1.1)

GIT
  remote: git://github.com/datamapper/dm-validations.git
  revision: 5a73ee18d88a02c5412f34b855a2be3819857c9a
  specs:
    dm-validations (1.0.2)
      dm-core (~> 1.0.2)

GIT
  remote: git://github.com/durran/minion.git
  revision: 33f68f64ffdb655f4f2ac6df6f16463161ccaf07
  specs:
    minion (0.2.0)
      amqp (>= 0.7.1)
      bunny (>= 0.6.0)
      json (>= 1.2.0)

GIT
  remote: git://github.com/jnicklas/carrierwave.git
  revision: 7361f97be97e5cd0986ccf41f9e96b47571f8daa
  specs:
    carrierwave (0.5.1)
      activesupport (~> 3.0)

GIT
  remote: git://github.com/mattbeedle/has_constant.git
  revision: 0e5114312e1ffb60ab6cb913aadcd791ab38ed94
  specs:
    has_constant (0.4.8)

GIT
  remote: git://github.com/mattbeedle/mongo_session_store.git
  revision: 860a47f900288b129f5a3a7ba142311bf83a0905
  specs:
    mongo_session_store (1.1.2)
      actionpack (>= 2.3)

GIT
  remote: git://github.com/mattbeedle/rack-gridfs.git
  revision: 98010f7dd10659b2f4d4ce2f7db962c99314a336
  specs:
    rack-gridfs (0.2.0)
      activesupport (>= 3.0.0)
      mongo (>= 1.0.8)
      rack

GEM
  remote: http://rubygems.org/
  specs:
    ZenTest (4.4.2)
    abstract (1.0.0)
    actionmailer (3.0.4)
      actionpack (= 3.0.4)
      mail (~> 2.2.15)
    actionpack (3.0.4)
      activemodel (= 3.0.4)
      activesupport (= 3.0.4)
      builder (~> 2.1.2)
      erubis (~> 2.6.6)
      i18n (~> 0.4)
      rack (~> 1.2.1)
      rack-mount (~> 0.6.13)
      rack-test (~> 0.5.7)
      tzinfo (~> 0.3.23)
    activemodel (3.0.4)
      activesupport (= 3.0.4)
      builder (~> 2.1.2)
      i18n (~> 0.4)
    activerecord (3.0.4)
      activemodel (= 3.0.4)
      activesupport (= 3.0.4)
      arel (~> 2.0.2)
      tzinfo (~> 0.3.23)
    activeresource (3.0.4)
      activemodel (= 3.0.4)
      activesupport (= 3.0.4)
    activesupport (3.0.4)
    addressable (2.2.4)
    akephalos (0.2.5)
      capybara (~> 0.4.0)
      jruby-jars
    amatch (0.2.5)
    amqp (0.7.1)
      eventmachine (>= 0.12.4)
    archive-tar-minitar (0.5.2)
    arel (2.0.8)
    autotest-rails (4.1.0)
      ZenTest
    bcrypt-ruby (2.1.4)
    bson (1.2.0)
    bson_ext (1.2.0)
    builder (2.1.2)
    bunny (0.6.0)
    cancan (1.5.1)
    capistrano (2.5.19)
      highline
      net-scp (>= 1.0.0)
      net-sftp (>= 2.0.0)
      net-ssh (>= 2.0.14)
      net-ssh-gateway (>= 1.0.0)
    capistrano-ext (1.2.1)
      capistrano (>= 1.0.0)
    capybara (0.4.1.2)
      celerity (>= 0.7.9)
      culerity (>= 0.2.4)
      mime-types (>= 1.16)
      nokogiri (>= 1.3.3)
      rack (>= 1.0.0)
      rack-test (>= 0.5.4)
      selenium-webdriver (>= 0.0.27)
      xpath (~> 0.1.3)
    celerity (0.8.8)
    childprocess (0.1.7)
      ffi (~> 0.6.3)
    columnize (0.3.2)
    compass (0.10.6)
      haml (>= 3.0.4)
    configuration (1.2.0)
    crack (0.1.8)
    cucumber (0.10.0)
      builder (>= 2.1.2)
      diff-lcs (~> 1.1.2)
      gherkin (~> 2.3.2)
      json (~> 1.4.6)
      term-ansicolor (~> 1.0.5)
    cucumber-rails (0.3.2)
      cucumber (>= 0.8.0)
    culerity (0.2.15)
    data_objects (0.10.2)
      addressable (~> 2.1)
    decent_exposure (1.0.1)
    devise (1.1.7)
      bcrypt-ruby (~> 2.1.2)
      warden (~> 1.0.2)
    diff-lcs (1.1.2)
    dm-accepts_nested_attributes (1.0.0)
      dm-core (~> 1.0.0)
    dm-active_model (1.0.3)
      activemodel (~> 3.0.0)
      dm-core (~> 1.0.2)
    dm-aggregates (1.0.2)
      dm-core (~> 1.0.2)
    dm-devise (1.1.8)
      bcrypt-ruby (~> 2.1.2)
      devise (~> 1.1.0)
      dm-core (~> 1.0.0)
      dm-migrations (~> 1.0.0)
      dm-rails (>= 1.0.3)
      dm-serializer (~> 1.0.0)
      dm-timestamps (~> 1.0.0)
      sugar-high (~> 0.2.10)
    dm-observer (1.0.2)
      dm-core (~> 1.0.2)
    dm-postgres-adapter (1.0.2)
      dm-do-adapter (~> 1.0.2)
      do_postgres (~> 0.10.2)
    dm-rails (1.0.4)
      actionpack (~> 3.0.0)
      activesupport (~> 3.0.0)
      dm-active_model (~> 1.0.3)
      dm-core (~> 1.0.0)
      railties (~> 3.0.0)
    dm-serializer (1.0.2)
      dm-core (~> 1.0.2)
      fastercsv (~> 1.5.3)
      json_pure (~> 1.4)
    dm-sqlite-adapter (1.0.2)
      dm-do-adapter (~> 1.0.2)
      do_sqlite3 (~> 0.10.2)
    dm-timestamps (1.0.2)
      dm-core (~> 1.0.2)
    dm-transactions (1.0.2)
      dm-core (~> 1.0.2)
    do_postgres (0.10.2)
      data_objects (= 0.10.2)
    do_sqlite3 (0.10.2)
      data_objects (= 0.10.2)
    encryptor (1.1.1)
    erubis (2.6.6)
      abstract (>= 1.0.0)
    escape (0.0.4)
    eventmachine (0.12.10)
    exceptional (2.0.32)
      rack
    excon (0.5.2)
    faker (0.3.1)
    fakeweb (1.3.0)
    fastercsv (1.5.4)
    ffi (0.6.3)
      rake (>= 0.8.7)
    fog (0.5.2)
      builder
      excon (>= 0.5.2)
      formatador (>= 0.0.16)
      json
      mime-types
      net-ssh (>= 2.0.23)
      nokogiri (>= 1.4.4)
      ruby-hmac
    formatador (0.0.16)
    gherkin (2.3.3)
      json (~> 1.4.6)
    gravtastic (3.1.0)
    haml (3.0.25)
    has_scope (0.5.0)
    highline (1.6.1)
    httparty (0.7.4)
      crack (= 0.1.8)
    i18n (0.5.0)
    inherited_resources (1.2.1)
      has_scope (~> 0.5.0)
      responders (~> 0.6.0)
    jruby-jars (1.5.6)
    json (1.4.6)
    json_pure (1.5.1)
    kgio (2.3.0)
    launchy (0.3.7)
      configuration (>= 0.0.5)
      rake (>= 0.8.1)
    linecache19 (0.5.11)
      ruby_core_source (>= 0.1.4)
    macaddr (1.0.0)
    machinist (1.0.6)
    mail (2.2.15)
      activesupport (>= 2.3.6)
      i18n (>= 0.4.0)
      mime-types (~> 1.16)
      treetop (~> 1.4.8)
    memcached (1.0.2)
    mime-types (1.16)
    mocha (0.9.12)
    mongo (1.2.0)
      bson (>= 1.2.0)
    navvy (0.3.2)
    net-scp (1.0.4)
      net-ssh (>= 1.99.1)
    net-sftp (2.0.5)
      net-ssh (>= 2.0.9)
    net-ssh (2.1.0)
    net-ssh-gateway (1.0.1)
      net-ssh (>= 1.99.1)
    newrelic_rpm (2.13.4)
    nokogiri (1.4.4)
    notifier (0.1.2)
    pickle (0.4.4)
      cucumber (>= 0.8)
      rake
      rspec (>= 1.3)
      yard
    polyglot (0.3.1)
    pr_geohash (1.0.0)
    rack (1.2.1)
    rack-mount (0.6.13)
      rack (>= 1.0.0)
    rack-test (0.5.7)
      rack (>= 1.0)
    rails (3.0.4)
      actionmailer (= 3.0.4)
      actionpack (= 3.0.4)
      activerecord (= 3.0.4)
      activeresource (= 3.0.4)
      activesupport (= 3.0.4)
      bundler (~> 1.0)
      railties (= 3.0.4)
    railties (3.0.4)
      actionpack (= 3.0.4)
      activesupport (= 3.0.4)
      rake (>= 0.8.7)
      thor (~> 0.14.4)
    rake (0.8.7)
    redis (2.1.1)
    redis-namespace (0.10.0)
      redis (< 3.0.0)
    remail (0.0.3)
      activeresource
    require_all (1.2.0)
    responders (0.6.2)
    resque (1.13.0)
      json (~> 1.4.6)
      redis-namespace (>= 0.10.0)
      sinatra (>= 0.9.2)
      vegas (~> 0.1.2)
    resque-scheduler (1.9.8)
      redis (>= 2.0.1)
      resque (>= 1.8.0)
      rufus-scheduler
    resque_unit (0.3.4)
      json (~> 1.4.6)
    rsolr (0.12.1)
      builder (>= 2.1.2)
    rspec (2.5.0)
      rspec-core (~> 2.5.0)
      rspec-expectations (~> 2.5.0)
      rspec-mocks (~> 2.5.0)
    rspec-core (2.5.1)
    rspec-expectations (2.5.0)
      diff-lcs (~> 1.1.2)
    rspec-mocks (2.5.0)
    ruby-debug-base19 (0.11.24)
      columnize (>= 0.3.1)
      linecache19 (>= 0.5.11)
      ruby_core_source (>= 0.1.4)
    ruby-debug19 (0.11.6)
      columnize (>= 0.3.1)
      linecache19 (>= 0.5.11)
      ruby-debug-base19 (>= 0.11.19)
    ruby-hmac (0.4.0)
    ruby_core_source (0.1.4)
      archive-tar-minitar (>= 0.5.2)
    rubyzip (0.9.4)
    rufus-scheduler (2.0.8)
      tzinfo (>= 0.3.23)
    salesflip-lead_notifications (0.1.0)
    selenium-webdriver (0.1.3)
      childprocess (~> 0.1.5)
      ffi (~> 0.6.3)
      json_pure
      rubyzip
    shoulda (2.11.3)
    simple_form (1.3.1)
    sinatra (1.1.2)
      rack (~> 1.1)
      tilt (~> 1.2)
    smurf (1.0.6)
    stringex (1.1.0)
    sugar-high (0.2.12)
      mocha (~> 0.9.8)
      require_all (~> 1.2.0)
    sunspot (1.2.1)
      escape (= 0.0.4)
      pr_geohash (~> 1.0)
      rsolr (= 0.12.1)
    sunspot_rails (1.2.1)
      nokogiri
      sunspot (= 1.2.1)
    term-ansicolor (1.0.5)
    test_notifier (0.3.6)
      notifier
    thor (0.14.6)
    tilt (1.2.2)
    timecop (0.3.5)
    treetop (1.4.9)
      polyglot (>= 0.3.1)
    tzinfo (0.3.24)
    unicorn (3.4.0)
      kgio (~> 2.2)
      rack
    uuid (2.3.1)
      macaddr (~> 1.0)
    uuidtools (2.1.1)
    vegas (0.1.8)
      rack (>= 1.0.0)
    warden (1.0.3)
      rack (>= 1.0.0)
    watchr (0.7)
    will_paginate (3.0.pre)
    wirble (0.1.3)
    xpath (0.1.3)
      nokogiri (~> 1.3)
    yard (0.6.4)

PLATFORMS
  ruby

DEPENDENCIES
  aaronh-chronic!
  akephalos
  amatch
  amqp (= 0.7.1)
  autotest-rails
  bson_ext
  cancan
  capistrano
  capistrano-ext
  capybara
  carrierwave!
  compass
  cucumber
  cucumber-rails
  database_cleaner!
  decent_exposure
  devise
  dm-accepts_nested_attributes
  dm-aggregates
  dm-core!
  dm-devise
  dm-do-adapter!
  dm-migrations!
  dm-observer
  dm-postgres-adapter
  dm-rails
  dm-sqlite-adapter
  dm-timestamps
  dm-transactions
  dm-types!
  dm-validations!
  encryptor
  exceptional
  faker (= 0.3.1)
  fakeweb
  fog
  gravtastic
  haml
  has_constant!
  has_scope
  httparty
  inherited_resources
  launchy
  machinist
  memcached
  minion!
  mocha
  mongo
  mongo_session_store!
  navvy
  net-scp
  net-ssh
  newrelic_rpm
  pickle
  rack-gridfs!
  rails (= 3.0.4)
  redis
  remail
  resque
  resque-scheduler
  resque_unit
  ruby-debug19
  salesflip-lead_notifications
  shoulda
  simple_form
  smurf
  sunspot
  sunspot_rails
  test_notifier
  timecop
  unicorn
  uuid
  watchr
  will_paginate (= 3.0.pre)
  wirble
