GIT
  remote: git://github.com/AaronH/chronic.git
  revision: 837f2a41f7aa27f22309763be245a90626072ead
  specs:
    aaronh-chronic (0.3.9)

GIT
  remote: git://github.com/jnicklas/carrierwave.git
  revision: 85ddee1014806dd4ccea7d122fe23d14f0adc43e
  specs:
    carrierwave (0.5.1)
      activesupport (~> 3.0)

GIT
  remote: git://github.com/jugyo/sunspot_mongoid.git
  revision: aad55650ef68da428178f76b0e42428e1c8b64ef
  specs:
    sunspot_mongoid (0.3.2)
      mongoid
      sunspot (>= 1.1.0)
      sunspot_rails (>= 1.1.0)

GIT
  remote: git://github.com/koppen/hassle.git
  revision: a08c757bce033cebc7ef8a4a3a831127afcb956a
  specs:
    hassle (0.0.1)
      haml
      rack

GIT
  remote: git://github.com/mattbeedle/mongo_session_store.git
  revision: 860a47f900288b129f5a3a7ba142311bf83a0905
  specs:
    mongo_session_store (1.1.2)
      actionpack (>= 2.3)

GIT
  remote: git://github.com/mattbeedle/mongoid.git
  revision: bae5ed827442341ad852022da8d6ccbec639c99b
  branch: development
  specs:
    mongoid (2.0.0.beta.20)
      activemodel (~> 3.0)
      mongo (~> 1.1)
      tzinfo (~> 0.3.22)
      will_paginate (~> 3.0.pre)

GIT
  remote: git://github.com/mattbeedle/rack-gridfs.git
  revision: 98010f7dd10659b2f4d4ce2f7db962c99314a336
  specs:
    rack-gridfs (0.2.0)
      activesupport (>= 3.0.0)
      mongo (>= 1.0.8)
      rack

GEM
  remote: http://rubygems.org/
  specs:
    ZenTest (4.4.2)
    abstract (1.0.0)
    actionmailer (3.0.0)
      actionpack (= 3.0.0)
      mail (~> 2.2.5)
    actionpack (3.0.0)
      activemodel (= 3.0.0)
      activesupport (= 3.0.0)
      builder (~> 2.1.2)
      erubis (~> 2.6.6)
      i18n (~> 0.4.1)
      rack (~> 1.2.1)
      rack-mount (~> 0.6.12)
      rack-test (~> 0.5.4)
      tzinfo (~> 0.3.23)
    activemodel (3.0.0)
      activesupport (= 3.0.0)
      builder (~> 2.1.2)
      i18n (~> 0.4.1)
    activerecord (3.0.0)
      activemodel (= 3.0.0)
      activesupport (= 3.0.0)
      arel (~> 1.0.0)
      tzinfo (~> 0.3.23)
    activeresource (3.0.0)
      activemodel (= 3.0.0)
      activesupport (= 3.0.0)
    activesupport (3.0.0)
    amatch (0.2.5)
    arel (1.0.1)
      activesupport (~> 3.0.0)
    autotest-rails (4.1.0)
      ZenTest
    bcrypt-ruby (2.1.2)
    beanstalk-client (1.1.0)
    bson (1.1.5)
    bson_ext (1.1.5)
    builder (2.1.2)
    cancan (1.4.1)
    capybara (0.4.0)
      celerity (>= 0.7.9)
      culerity (>= 0.2.4)
      mime-types (>= 1.16)
      nokogiri (>= 1.3.3)
      rack (>= 1.0.0)
      rack-test (>= 0.5.4)
      selenium-webdriver (>= 0.0.27)
      xpath (~> 0.1.2)
    celerity (0.8.6)
    childprocess (0.1.4)
      ffi (~> 0.6.3)
    compass (0.10.6)
      haml (>= 3.0.4)
    configuration (1.2.0)
    cucumber (0.10.0)
      builder (>= 2.1.2)
      diff-lcs (~> 1.1.2)
      gherkin (~> 2.3.2)
      json (~> 1.4.6)
      term-ansicolor (~> 1.0.5)
    cucumber-rails (0.3.2)
      cucumber (>= 0.8.0)
    culerity (0.2.12)
    daemons (1.1.0)
    database_cleaner (0.6.0)
    delayed_job (2.1.2)
      activesupport (~> 3.0)
      daemons
    delayed_job_mongoid (1.0.1)
      delayed_job (~> 2.1.1)
      mongoid (~> 2.0)
    devise (1.1.5)
      bcrypt-ruby (~> 2.1.2)
      warden (~> 1.0.2)
    diff-lcs (1.1.2)
    erubis (2.6.6)
      abstract (>= 1.0.0)
    escape (0.0.4)
    eventmachine (0.12.10)
    faker (0.3.1)
    fakeweb (1.3.0)
    ffi (0.6.3)
      rake (>= 0.8.7)
    gherkin (2.3.2)
      json (~> 1.4.6)
      term-ansicolor (~> 1.0.5)
    git (1.2.5)
    gravtastic (3.1.0)
    haml (3.0.24)
    has_constant (0.2.9)
    has_scope (0.5.0)
    heroku (1.14.10)
      json_pure (>= 1.2.0, < 1.5.0)
      launchy (~> 0.3.2)
      rest-client (>= 1.4.0, < 1.7.0)
    i18n (0.4.2)
    inherited_resources (1.1.2)
      has_scope (~> 0.5.0)
      responders (~> 0.6.0)
    jeweler (1.5.1)
      bundler (~> 1.0.0)
      git (>= 1.2.5)
      rake
    json (1.4.6)
    json_pure (1.4.6)
    launchy (0.3.7)
      configuration (>= 0.0.5)
      rake (>= 0.8.1)
    macaddr (1.0.0)
    machinist (1.0.6)
    machinist_mongo (1.1.1)
      machinist (~> 1.0.4)
    mail (2.2.12)
      activesupport (>= 2.3.6)
      i18n (>= 0.4.0)
      mime-types (~> 1.16)
      treetop (~> 1.4.8)
    mbeedle-heroku-autoscale (0.2.6)
      eventmachine
      heroku (>= 1.10)
      rack (~> 1.0)
    memcached (1.0.2)
    mime-types (1.16)
    mocha (0.9.10)
      rake
    mongo (1.1.5)
      bson (>= 1.1.5)
    mongoid_i18n (0.1.8)
      bson_ext
      bundler
      jeweler
      mocha
      mongoid (>= 2.0.0.beta.20)
      mongoid (>= 2.0.0.beta.9)
      rspec (>= 2.0.0.beta.8)
    navvy (0.3.1)
    nokogiri (1.4.4)
    notifier (0.1.1)
    pickle (0.4.4)
      cucumber (>= 0.8)
      rake
      rspec (>= 1.3)
      yard
    pickle-mongoid (0.1.7)
      mongoid (>= 2.0.0.beta.20)
      pickle (>= 0.3.0)
    polyglot (0.3.1)
    rack (1.2.1)
    rack-mount (0.6.13)
      rack (>= 1.0.0)
    rack-test (0.5.6)
      rack (>= 1.0)
    rails (3.0.0)
      actionmailer (= 3.0.0)
      actionpack (= 3.0.0)
      activerecord (= 3.0.0)
      activeresource (= 3.0.0)
      activesupport (= 3.0.0)
      bundler (~> 1.0.0)
      railties (= 3.0.0)
    railties (3.0.0)
      actionpack (= 3.0.0)
      activesupport (= 3.0.0)
      rake (>= 0.8.4)
      thor (~> 0.14.0)
    rake (0.8.7)
    remail (0.0.3)
      activeresource
    responders (0.6.2)
    rest-client (1.6.1)
      mime-types (>= 1.16)
    riddle (1.2.1)
    rsolr (0.12.1)
      builder (>= 2.1.2)
    rspec (2.3.0)
      rspec-core (~> 2.3.0)
      rspec-expectations (~> 2.3.0)
      rspec-mocks (~> 2.3.0)
    rspec-core (2.3.1)
    rspec-expectations (2.3.0)
      diff-lcs (~> 1.1.2)
    rspec-mocks (2.3.0)
    rubyzip (0.9.4)
    selenium-webdriver (0.1.1)
      childprocess (= 0.1.4)
      ffi (~> 0.6.3)
      json_pure
      rubyzip
    shoulda (2.11.3)
    simple_form (1.3.0)
      rails (~> 3.0.0)
    smurf (1.0.4)
    spork (0.8.4)
    sqlite3-ruby (1.3.2)
    sunspot (1.1.0)
      escape (= 0.0.4)
      rsolr (= 0.12.1)
    sunspot_rails (1.1.0)
      sunspot (= 1.1.0)
    term-ansicolor (1.0.5)
    test_notifier (0.3.6)
      notifier
    thin (1.2.7)
      daemons (>= 1.0.9)
      eventmachine (>= 0.12.6)
      rack (>= 1.0.0)
    thor (0.14.6)
    timecop (0.3.5)
    treetop (1.4.9)
      polyglot (>= 0.3.1)
    tzinfo (0.3.23)
    uuid (2.3.1)
      macaddr (~> 1.0)
    warden (1.0.3)
      rack (>= 1.0.0)
    will_paginate (3.0.pre)
    wirble (0.1.3)
    xpath (0.1.2)
      nokogiri (~> 1.3)
    yard (0.6.3)

PLATFORMS
  ruby

DEPENDENCIES
  aaronh-chronic!
  amatch
  autotest-rails
  beanstalk-client
  bson
  bson_ext
  cancan
  capybara
  carrierwave!
  compass
  cucumber
  cucumber-rails
  database_cleaner
  delayed_job
  delayed_job_mongoid
  devise
  faker
  fakeweb
  gravtastic
  haml
  has_constant
  has_scope
  hassle!
  heroku
  inherited_resources
  launchy
  machinist_mongo
  mail
  mbeedle-heroku-autoscale
  memcached
  mocha
  mongo
  mongo_session_store!
  mongoid!
  mongoid_i18n
  navvy
  pickle
  pickle-mongoid
  rack-gridfs!
  rails (= 3.0.0)
  remail
  riddle
  shoulda
  simple_form
  smurf
  spork
  sqlite3-ruby
  sunspot
  sunspot_mongoid!
  sunspot_rails
  test_notifier
  thin
  timecop
  uuid
  warden
  will_paginate (= 3.0.pre)
  wirble
