GIT
  remote: git://github.com/datamapper/dm-core.git
  revision: 1eb46bbd5121af49e96c4e11236a1fbefcda157f
  specs:
    dm-core (1.0.2)
      addressable (~> 2.2)
      extlib (~> 0.9.15)

GIT
  remote: git://github.com/koppen/hassle.git
  revision: a08c757bce033cebc7ef8a4a3a831127afcb956a
  specs:
    hassle (0.0.1)
      haml
      rack

GIT
  remote: git://github.com/mattbeedle/has_constant.git
  revision: c10916d1fbf29928799dfa61dd2111e74c9ce7f7
  specs:
    has_constant (0.4.0)

GIT
  remote: git://github.com/mongoid/mongoid.git
  revision: 454b98b22918ba252268e700989c589cd8b5d11f
  specs:
    mongoid (2.0.0.rc.4)
      activemodel (~> 3.0)
      mongo (~> 1.1.5)
      tzinfo (~> 0.3.22)
      will_paginate (~> 3.0.pre)

GEM
  remote: http://rubygems.org/
  specs:
    abstract (1.0.0)
    actionmailer (3.0.3)
      actionpack (= 3.0.3)
      mail (~> 2.2.9)
    actionpack (3.0.3)
      activemodel (= 3.0.3)
      activesupport (= 3.0.3)
      builder (~> 2.1.2)
      erubis (~> 2.6.6)
      i18n (~> 0.4)
      rack (~> 1.2.1)
      rack-mount (~> 0.6.13)
      rack-test (~> 0.5.6)
      tzinfo (~> 0.3.23)
    activemodel (3.0.3)
      activesupport (= 3.0.3)
      builder (~> 2.1.2)
      i18n (~> 0.4)
    activerecord (3.0.3)
      activemodel (= 3.0.3)
      activesupport (= 3.0.3)
      arel (~> 2.0.2)
      tzinfo (~> 0.3.23)
    activeresource (3.0.3)
      activemodel (= 3.0.3)
      activesupport (= 3.0.3)
    activesupport (3.0.3)
    addressable (2.2.2)
    amatch (0.2.5)
    archive-tar-minitar (0.5.2)
    arel (2.0.6)
    bcrypt-ruby (2.1.4)
    bson (1.1.5)
    bson_ext (1.1.5)
    builder (2.1.2)
    cancan (1.5.0)
    capistrano (2.5.19)
      highline
      net-scp (>= 1.0.0)
      net-sftp (>= 2.0.0)
      net-ssh (>= 2.0.14)
      net-ssh-gateway (>= 1.0.0)
    capybara (0.4.0)
      celerity (>= 0.7.9)
      culerity (>= 0.2.4)
      mime-types (>= 1.16)
      nokogiri (>= 1.3.3)
      rack (>= 1.0.0)
      rack-test (>= 0.5.4)
      selenium-webdriver (>= 0.0.27)
      xpath (~> 0.1.2)
    celerity (0.8.7)
    childprocess (0.1.6)
      ffi (~> 0.6.3)
    columnize (0.3.2)
    compass (0.10.6)
      haml (>= 3.0.4)
    configuration (1.2.0)
    cucumber (0.10.0)
      builder (>= 2.1.2)
      diff-lcs (~> 1.1.2)
      gherkin (~> 2.3.2)
      json (~> 1.4.6)
      term-ansicolor (~> 1.0.5)
    cucumber-rails (0.3.2)
      cucumber (>= 0.8.0)
    culerity (0.2.14)
    daemons (1.1.0)
    data_objects (0.10.2)
      addressable (~> 2.1)
    database_cleaner (0.6.0)
    delayed_job (2.1.2)
      activesupport (~> 3.0)
      daemons
    delayed_job_data_mapper (1.0.0.rc)
      delayed_job (~> 2.1)
      dm-aggregates
      dm-core
      dm-observer
    devise (1.1.5)
      bcrypt-ruby (~> 2.1.2)
      warden (~> 1.0.2)
    diff-lcs (1.1.2)
    dm-active_model (1.0.3)
      activemodel (~> 3.0.0)
      dm-core (~> 1.0.2)
    dm-aggregates (1.0.2)
      dm-core (~> 1.0.2)
    dm-devise (1.1.6)
      bcrypt-ruby (~> 2.1.2)
      bcrypt-ruby (~> 2.1.2)
      devise (~> 1.1.0)
      devise (~> 1.1.0)
      dm-core (~> 1.0.0)
      dm-core (~> 1.0.0)
      dm-devise
      dm-migrations (~> 1.0.0)
      dm-migrations (~> 1.0.0)
      dm-rails (>= 1.0.3)
      dm-rails (>= 1.0.3)
      dm-serializer (~> 1.0.0)
      dm-serializer (~> 1.0.0)
      dm-sqlite-adapter (~> 1.0.2)
      dm-timestamps (~> 1.0.0)
      dm-timestamps (~> 1.0.0)
      mocha
      oauth2
      rails (= 3.0.3)
      sugar-high (~> 0.2.10)
      sugar-high (~> 0.2.10)
      sugar-high (~> 0.2.10)
      webrat (= 0.7.2)
    dm-do-adapter (1.0.2)
      data_objects (~> 0.10.2)
      dm-core (~> 1.0.2)
    dm-migrations (1.0.2)
      dm-core (~> 1.0.2)
    dm-observer (1.0.2)
      dm-core (~> 1.0.2)
    dm-postgres-adapter (1.0.2)
      dm-do-adapter (~> 1.0.2)
      do_postgres (~> 0.10.2)
    dm-rails (1.0.4)
      actionpack (~> 3.0.0)
      activesupport (~> 3.0.0)
      dm-active_model (~> 1.0.3)
      dm-core (~> 1.0.0)
      railties (~> 3.0.0)
    dm-serializer (1.0.2)
      dm-core (~> 1.0.2)
      fastercsv (~> 1.5.3)
      json_pure (~> 1.4)
    dm-sqlite-adapter (1.0.2)
      dm-do-adapter (~> 1.0.2)
      do_sqlite3 (~> 0.10.2)
    dm-timestamps (1.0.2)
      dm-core (~> 1.0.2)
    dm-transactions (1.0.2)
      dm-core (~> 1.0.2)
    dm-types (1.0.2)
      dm-core (~> 1.0.2)
      fastercsv (~> 1.5.3)
      json_pure (~> 1.4)
      stringex (~> 1.1.0)
      uuidtools (~> 2.1.1)
    dm-validations (1.0.2)
      dm-core (~> 1.0.2)
    do_postgres (0.10.2)
      data_objects (= 0.10.2)
    do_sqlite3 (0.10.2)
      data_objects (= 0.10.2)
    erubis (2.6.6)
      abstract (>= 1.0.0)
    escape (0.0.4)
    eventmachine (0.12.10)
    extlib (0.9.15)
    faker (0.3.1)
    fakeweb (1.3.0)
    faraday (0.5.4)
      addressable (~> 2.2.2)
      multipart-post (~> 1.1.0)
      rack (>= 1.1.0, < 2)
    fastercsv (1.5.4)
    ffi (0.6.3)
      rake (>= 0.8.7)
    gherkin (2.3.3)
      json (~> 1.4.6)
    gravtastic (3.1.0)
    haml (3.0.25)
    has_scope (0.5.0)
    heroku (1.17.5)
      json (~> 1.4.6)
      launchy (~> 0.3.2)
      rest-client (>= 1.4.0, < 1.7.0)
    highline (1.6.1)
    i18n (0.5.0)
    inherited_resources (1.1.2)
      has_scope (~> 0.5.0)
      responders (~> 0.6.0)
    json (1.4.6)
    json_pure (1.4.6)
    launchy (0.3.7)
      configuration (>= 0.0.5)
      rake (>= 0.8.1)
    linecache19 (0.5.11)
      ruby_core_source (>= 0.1.4)
    macaddr (1.0.0)
    machinist (1.0.6)
    mail (2.2.14)
      activesupport (>= 2.3.6)
      i18n (>= 0.4.0)
      mime-types (~> 1.16)
      treetop (~> 1.4.8)
    mbeedle-heroku-autoscale (0.2.6)
      eventmachine
      heroku (>= 1.10)
      rack (~> 1.0)
    memcached (1.0.2)
    mime-types (1.16)
    mocha (0.9.10)
      rake
    mongo (1.1.5)
      bson (>= 1.1.5)
    multi_json (0.0.5)
    multipart-post (1.1.0)
    mysql2 (0.2.6)
    net-scp (1.0.4)
      net-ssh (>= 1.99.1)
    net-sftp (2.0.5)
      net-ssh (>= 2.0.9)
    net-ssh (2.0.23)
    net-ssh-gateway (1.0.1)
      net-ssh (>= 1.99.1)
    newrelic_rpm (2.13.4)
    nokogiri (1.4.4)
    notifier (0.1.2)
    oauth2 (0.1.1)
      faraday (~> 0.5.0)
      multi_json (~> 0.0.4)
    pickle (0.4.4)
      cucumber (>= 0.8)
      rake
      rspec (>= 1.3)
      yard
    polyglot (0.3.1)
    pr_geohash (1.0.0)
    rack (1.2.1)
    rack-mount (0.6.13)
      rack (>= 1.0.0)
    rack-test (0.5.7)
      rack (>= 1.0)
    rails (3.0.3)
      actionmailer (= 3.0.3)
      actionpack (= 3.0.3)
      activerecord (= 3.0.3)
      activeresource (= 3.0.3)
      activesupport (= 3.0.3)
      bundler (~> 1.0)
      railties (= 3.0.3)
    railties (3.0.3)
      actionpack (= 3.0.3)
      activesupport (= 3.0.3)
      rake (>= 0.8.7)
      thor (~> 0.14.4)
    rake (0.8.7)
    remail (0.0.3)
      activeresource
    require_all (1.2.0)
    responders (0.6.2)
    rest-client (1.6.1)
      mime-types (>= 1.16)
    rsolr (0.12.1)
      builder (>= 2.1.2)
    rspec (2.4.0)
      rspec-core (~> 2.4.0)
      rspec-expectations (~> 2.4.0)
      rspec-mocks (~> 2.4.0)
    rspec-core (2.4.0)
    rspec-expectations (2.4.0)
      diff-lcs (~> 1.1.2)
    rspec-mocks (2.4.0)
    ruby-debug-base19 (0.11.24)
      columnize (>= 0.3.1)
      linecache19 (>= 0.5.11)
      ruby_core_source (>= 0.1.4)
    ruby-debug19 (0.11.6)
      columnize (>= 0.3.1)
      linecache19 (>= 0.5.11)
      ruby-debug-base19 (>= 0.11.19)
    ruby_core_source (0.1.4)
      archive-tar-minitar (>= 0.5.2)
    rubyzip (0.9.4)
    salesflip-lead_notifications (0.1.0)
    selenium-webdriver (0.1.2)
      childprocess (~> 0.1.5)
      ffi (~> 0.6.3)
      json_pure
      rubyzip
    shoulda (2.11.3)
    simple_form (1.3.0)
      rails (~> 3.0.0)
    smurf (1.0.5)
      rails (= 3.0.3)
    spork (0.8.4)
    sqlite3-ruby (1.3.2)
    stringex (1.1.0)
    sugar-high (0.2.12)
      mocha (~> 0.9.8)
      require_all (~> 1.2.0)
    sunspot (1.2.1)
      escape (= 0.0.4)
      pr_geohash (~> 1.0)
      rsolr (= 0.12.1)
    sunspot_rails (1.2.1)
      nokogiri
      sunspot (= 1.2.1)
    term-ansicolor (1.0.5)
    test_notifier (0.3.6)
      notifier
    thin (1.2.7)
      daemons (>= 1.0.9)
      eventmachine (>= 0.12.6)
      rack (>= 1.0.0)
    thor (0.14.6)
    timecop (0.3.5)
    treetop (1.4.9)
      polyglot (>= 0.3.1)
    tzinfo (0.3.23)
    uuid (2.3.1)
      macaddr (~> 1.0)
    uuidtools (2.1.1)
    warden (1.0.3)
      rack (>= 1.0.0)
    webrat (0.7.2)
      nokogiri (>= 1.2.0)
      rack (>= 1.0)
      rack-test (>= 0.5.3)
    will_paginate (3.0.pre2)
    wirble (0.1.3)
    xpath (0.1.3)
      nokogiri (~> 1.3)
    yard (0.6.4)

PLATFORMS
  ruby

DEPENDENCIES
  amatch
  bson_ext
  cancan
  capistrano
  capybara
  compass
  cucumber
  cucumber-rails
  database_cleaner
  delayed_job
  delayed_job_data_mapper (= 1.0.0.rc)
  devise
  dm-core!
  dm-devise
  dm-migrations
  dm-postgres-adapter
  dm-rails
  dm-timestamps
  dm-transactions
  dm-types
  dm-validations
  faker (= 0.3.1)
  fakeweb
  gravtastic
  haml
  has_constant!
  has_scope
  hassle!
  heroku
  inherited_resources
  launchy
  machinist
  mail
  mbeedle-heroku-autoscale
  memcached
  mocha
  mongo
  mongoid!
  mysql2
  newrelic_rpm
  pickle
  rails
  remail
  ruby-debug19
  salesflip-lead_notifications
  shoulda
  simple_form
  smurf
  spork
  sqlite3-ruby
  sunspot
  sunspot_rails
  test_notifier
  thin
  timecop
  uuid
  warden
  wirble
